GEM
  remote: http://rubygems.org/
  specs:
    activesupport (4.0.0)
      i18n (~> 0.6, >= 0.6.4)
      minitest (~> 4.2)
      multi_json (~> 1.3)
      thread_safe (~> 0.1)
      tzinfo (~> 0.3.37)
    addressable (2.3.5)
    atomic (1.1.10)
    bson (1.9.1)
    bson_ext (1.9.1)
      bson (~> 1.9.1)
    cookiejar (0.3.0)
    dotenv (0.8.0)
    em-http-request (1.0.3)
      addressable (>= 2.2.3)
      cookiejar
      em-socksify
      eventmachine (>= 1.0.0.beta.4)
      http_parser.rb (>= 0.5.3)
    em-mongo (0.4.3)
      bson (>= 1.1.3)
      eventmachine (>= 0.12.10)
    em-socksify (0.3.0)
      eventmachine (>= 1.0.0.beta.4)
    em-websocket (0.5.0)
      eventmachine (>= 0.12.9)
      http_parser.rb (~> 0.5.3)
    eventmachine (1.0.3)
    eventmachine_httpserver (0.2.1)
    foreman (0.63.0)
      dotenv (>= 0.7)
      thor (>= 0.13.6)
    http_parser.rb (0.5.3)
    i18n (0.6.4)
    json (1.8.0)
    mini_portile (0.5.1)
    minitest (4.7.5)
    multi_json (1.7.7)
    nokogiri (1.6.0)
      mini_portile (~> 0.5.0)
    thor (0.18.1)
    thread_safe (0.1.0)
      atomic
    tzinfo (0.3.37)

PLATFORMS
  ruby

DEPENDENCIES
  activesupport (>= 4.0.0)
  bson_ext (>= 1.9.1)
  em-http-request (~> 1.0.3)
  em-mongo (>= 0.4.3)
  em-websocket (>= 0.5.0)
  eventmachine (>= 1.0.1)
  eventmachine_httpserver (>= 0.2.1)
  foreman (>= 0.63.0)
  i18n
  json (>= 1.7.5)
  nokogiri (>= 1.5.9)
